PATH
  remote: .
  specs:
    gemoji (3.0.0.rc1)

GEM
  remote: https://rubygems.org/
  specs:
    minitest (5.3.5)
    rake (10.3.2)

PLATFORMS
  ruby

DEPENDENCIES
  gemoji!
  minitest
  rake

BUNDLED WITH
   1.13.6
